GEM
  remote: http://rubygems.org/
  specs:
    chunky_png (1.2.5)
    coffee-script (2.2.0)
      coffee-script-source
      execjs
    coffee-script-source (1.3.3)
    compass (0.12.1)
      chunky_png (~> 1.2)
      fssm (>= 0.2.7)
      sass (~> 3.1)
    execjs (1.4.0)
      multi_json (~> 1.0)
    ffi (1.0.11)
    fssm (0.2.9)
    growl (1.0.3)
    guard (1.2.1)
      listen (>= 0.4.2)
      thor (>= 0.14.6)
    guard-bundler (1.0.0)
      bundler (~> 1.0)
      guard (~> 1.1)
    guard-coffeescript (1.0.0)
      coffee-script (>= 2.2.0)
      guard (>= 1.1.0)
    guard-compass (0.0.6)
      compass (>= 0.10.5)
      guard (>= 0.2.1)
    guard-haml (0.4)
      guard (>= 1.1)
      haml (>= 3.0)
    haml (3.1.6)
    listen (0.4.6)
      rb-fchange (~> 0.0.5)
      rb-fsevent (~> 0.9.1)
      rb-inotify (~> 0.8.8)
    multi_json (1.3.6)
    rb-fchange (0.0.5)
      ffi
    rb-fsevent (0.9.1)
    rb-inotify (0.8.8)
      ffi (>= 0.5.0)
    rb-readline (0.4.2)
    sass (3.1.19)
    thor (0.15.3)

PLATFORMS
  ruby

DEPENDENCIES
  growl
  guard-bundler
  guard-coffeescript
  guard-compass
  guard-haml
  rb-readline
