GEM
  remote: http://rubygems.org/
  specs:
    bootstrap (0.0.1)
    coffee-script (2.2.0)
      coffee-script-source
      execjs
    coffee-script-source (1.2.0)
    execjs (1.2.13)
      multi_json (~> 1.0)
    ffi (1.0.11)
    growl (1.0.3)
    guard (0.9.1)
      ffi (>= 0.5.0)
      thor (~> 0.14.6)
    guard-coffeescript (0.5.4)
      coffee-script (>= 2.2.0)
      guard (>= 0.8.3)
    guard-haml (0.3.1)
      guard (>= 0.4)
      haml (>= 3.0)
    haml (3.1.4)
    multi_json (1.0.4)
    rb-readline (0.4.2)
    thor (0.14.6)

PLATFORMS
  ruby

DEPENDENCIES
  bootstrap
  growl
  guard-coffeescript
  guard-haml
  rb-readline
